GEM
  remote: http://rubygems.org/
  specs:
    chunky_png (1.2.1)
    compass (0.11.5)
      chunky_png (~> 1.2)
      fssm (>= 0.2.7)
      sass (~> 3.1)
    fssm (0.2.7)
    grid-coordinates (1.1.5)
      compass (>= 0.11.5)
    haml (3.1.2)
    meyer-reset (2.0.0)
      compass (>= 0.10.5)
    rack (1.3.2)
    sass (3.1.7)
    shotgun (0.9)
      rack (>= 1.0)
    sinatra (1.2.6)
      rack (~> 1.1)
      tilt (>= 1.2.2, < 2.0)
    tilt (1.3.2)

PLATFORMS
  ruby

DEPENDENCIES
  compass (~> 0.11.1)
  grid-coordinates (~> 1.1.4)
  haml (~> 3.0)
  meyer-reset (~> 2.0.0)
  shotgun (~> 0.9)
  sinatra (~> 1.2.3)
